{
  "Modality": "MR",
  "MagneticFieldStrength": 3,
  "ImagingFrequency": 127.725,
  "Manufacturer": "GE",
  "ManufacturersModelName": "DISCOVERY_MR750",
  "InstitutionName": "NIH_FMRIF",
  "DeviceSerialNumber": "00000000000o2o2o",
  "StationName": "fmrif3tc",
  "PatientPosition": "HFS",
  "ProcedureStepDescription": "MRI_Procedure_Limited",
  "SoftwareVersions": "23_LX_MR_Software_release:DV22.0_V02_1122.a",
  "MRAcquisitionType": "3D",
  "SeriesDescription": "Sagittal_Anat_MP-Rage_1_mm",
  "ProtocolName": "Sagittal_Anat_MP-Rage_1_mm",
  "ScanningSequence": "RM",
  "SequenceVariant": "NONE",
  "ScanOptions": "FILTERED_GEMS_ACC_GEMS",
  "ImageType": [
    "ORIGINAL",
    "PRIMARY",
    "OTHER"
  ],
  "SeriesNumber": 15,
  "AcquisitionNumber": 1,
  "SliceThickness": 1,
  "SpacingBetweenSlices": 1,
  "SAR": 0.159741,
  "EchoTime": 0.00342,
  "RepetitionTime": 0.007664,
  "InversionTime": 0.425,
  "FlipAngle": 7,
  "CoilString": "32Ch_Head",
  "PercentPhaseFOV": 100,
  "PercentSampling": 100,
  "AcquisitionMatrixPE": 256,
  "ReconMatrixPE": 256,
  "PixelBandwidth": 195.312,
  "ImageOrientationPatientDICOM": [
    0,
    1,
    0,
    0,
    0,
    -1
  ],
  "InPlanePhaseEncodingDirectionDICOM": "ROW",
  "ConversionSoftware": "dcm2niix",
  "ConversionSoftwareVersion": "v1.0.20200331",
  "AcquisitionDateTime": "2016-09-06T18:12:08"
}