{
  "Modality": "MR",
  "MagneticFieldStrength": 3,
  "ImagingFrequency": 127.824,
  "Manufacturer": "GE",
  "ManufacturersModelName": "DISCOVERY_MR750",
  "InstitutionName": "NIH_FMRIF",
  "DeviceSerialNumber": "000301496mr3T5mr",
  "StationName": "FMRI3ta",
  "BodyPartExamined": "BRAIN",
  "PatientPosition": "HFS",
  "ProcedureStepDescription": "MRI_Brain",
  "SoftwareVersions": "27_LX_MR_Software_release:DV26.0_R03_1831.b",
  "MRAcquisitionType": "3D",
  "SeriesDescription": "anat_t1w_mp_rage_1mm",
  "ProtocolName": "anat_t1w_mp_rage_1mm",
  "ScanningSequence": "RM",
  "SequenceVariant": "NONE",
  "ScanOptions": "EDR_GEMS_FILTERED_GEMS_ACC_GEMS_IR_GEMS",
  "ImageType": [
    "ORIGINAL",
    "PRIMARY",
    "OTHER"
  ],
  "SeriesNumber": 3,
  "AcquisitionNumber": 1,
  "SliceThickness": 1,
  "SpacingBetweenSlices": 1,
  "SAR": 0.0759465,
  "EchoTime": 0.003476,
  "RepetitionTime": 0.00766,
  "InversionTime": 0.9,
  "FlipAngle": 7,
  "CoilString": "32Ch_Head",
  "PercentPhaseFOV": 100,
  "PercentSampling": 100,
  "AcquisitionMatrixPE": 256,
  "ReconMatrixPE": 256,
  "PixelBandwidth": 195.312,
  "ImageOrientationPatientDICOM": [
    0,
    1,
    0,
    0,
    0,
    -1
  ],
  "InPlanePhaseEncodingDirectionDICOM": "ROW",
  "ConversionSoftware": "dcm2niix",
  "ConversionSoftwareVersion": "v1.0.20200331",
  "AcquisitionDateTime": "2019-04-09T17:48:52"
}